GEM
  remote: https://rubygems.org/
  specs:
    domain_name (0.5.20170404)
      unf (>= 0.0.5, < 1.0.0)
    faraday (0.14.0)
      multipart-post (>= 1.2, < 3)
    http-cookie (1.0.3)
      domain_name (~> 0.5)
    jwt (2.1.0)
    mechanize (2.7.5)
      domain_name (~> 0.5, >= 0.5.1)
      http-cookie (~> 1.0)
      mime-types (>= 1.17.2)
      net-http-digest_auth (~> 1.1, >= 1.1.1)
      net-http-persistent (~> 2.5, >= 2.5.2)
      nokogiri (~> 1.6)
      ntlm-http (~> 0.1, >= 0.1.1)
      webrobots (>= 0.0.9, < 0.2)
    mime-types (3.1)
      mime-types-data (~> 3.2015)
    mime-types-data (3.2016.0521)
    mini_portile2 (2.3.0)
    multipart-post (2.0.0)
    net-http-digest_auth (1.4.1)
    net-http-persistent (2.9.4)
    nokogiri (1.8.1)
      mini_portile2 (~> 2.3.0)
    ntlm-http (0.1.1)
    sqlite3 (1.3.13)
    twilio-ruby (5.6.1)
      faraday (~> 0.9)
      jwt (>= 1.5, <= 2.5)
      nokogiri (>= 1.6, < 2.0)
    unf (0.1.4)
      unf_ext
    unf_ext (0.0.7.4)
    webrobots (0.1.2)

PLATFORMS
  ruby

DEPENDENCIES
  mechanize
  nokogiri
  sqlite3
  twilio-ruby

BUNDLED WITH
   1.16.1
